{
	"Modality": "MR",
	"MagneticFieldStrength": 7,
	"ImagingFrequency": 297.214,
	"Manufacturer": "Siemens",
	"ManufacturersModelName": "MAGNETOM Terra.X",
	"InstitutionName": "Fondation Campus Biotech",
	"InstitutionalDepartmentName": "MRI Terra X",
	"InstitutionAddress": " ,Geneve,,CH,",
	"DeviceSerialNumber": "237203",
	"StationName": "AWP237203",
	"BodyPartExamined": "BRAIN",
	"PatientPosition": "HFS",
	"ProcedureStepDescription": "RESEARCH D.VanDeVille",
	"SoftwareVersions": "syngo MR XA60\\MAGNETOM Terra.X syngo MR XA60",
	"MRAcquisitionType": "2D",
	"SeriesDescription": "localizer_2D_spectroscopy_ND",
	"ProtocolName": "localizer_2D_spectroscopy",
	"ImageType": ["DERIVED", "PRIMARY", "NAVAIL", "RESAMPLED"],
	"RawImage": false,
	"SeriesNumber": 2,
	"AcquisitionTime": "11:47:26.109010",
	"AcquisitionNumber": 1,
	"SliceThickness": 8,
	"SpacingBetweenSlices": 10.4,
	"EchoTime": 0.005,
	"RepetitionTime": 0.015,
	"MTState": false,
	"FlipAngle": 40,
	"PartialFourier": 1,
	"Interpolation2D": 1,
	"BaseResolution": 256,
	"ShimSetting": [
		-400,
		-1545,
		306,
		-205,
		19,
		-121,
		-220,
		84	],
	"TxRefAmp": 228.842,
	"PhaseResolution": 0.5,
	"ReceiveCoilName": "8Tx32Rx_Head_C",
	"ReceiveCoilActiveElements": "AC",
	"CoilString": "8Tx32Rx_Head_C",
	"PulseSequenceDetails": "%SiemensSeq%\\gre",
	"CoilCombinationMethod": "Sum of Squares",
	"MatrixCoilMode": "SENSE",
	"PercentPhaseFOV": 100,
	"PercentSampling": 50,
	"AcquisitionMatrixPE": 128,
	"ReconMatrixPE": 512,
	"PixelBandwidth": 179,
	"PhaseEncodingDirection": "i",
	"SliceTiming": [
		7.68,
		0,
		9.6,
		1.92,
		11.52,
		3.84,
		13.44,
		5.76	],
	"ImageOrientationPatientDICOM": [
		1,
		0,
		0,
		0,
		1,
		0	],
	"InPlanePhaseEncodingDirectionDICOM": "ROW",
	"ConversionSoftware": "dcm2niix",
	"ConversionSoftwareVersion": "v1.0.20220505"
}
