{
	"Modality": "MR",
	"MagneticFieldStrength": 7,
	"ImagingFrequency": 297.214,
	"Manufacturer": "Siemens",
	"ManufacturersModelName": "MAGNETOM Terra.X",
	"InstitutionName": "Fondation Campus Biotech",
	"InstitutionalDepartmentName": "MRI Terra X",
	"InstitutionAddress": " ,Geneve,,CH,",
	"DeviceSerialNumber": "237203",
	"StationName": "AWP237203",
	"PatientPosition": "HFS",
	"ProcedureStepDescription": "RESEARCH D.VanDeVille",
	"SoftwareVersions": "syngo MR XA60",
	"MRAcquisitionType": "3D",
	"SeriesDescription": "t1_mp2rage_sag_pTx_UNI-DEN_MPR_cor",
	"ProtocolName": "t1_mp2rage_sag_pTx",
	"ScanningSequence": "GR",
	"SequenceVariant": "SS",
	"ImageType": ["DERIVED", "PRIMARY", "T1", "UNIFORM", "PARALLEL"],
	"RawImage": false,
	"SeriesNumber": 10,
	"AcquisitionTime": "11:49:28.840000",
	"AcquisitionNumber": 1,
	"ImageComments": "Not for diagnostic use, UNIFORM-weighted Image (lambda = 0.2)",
	"SliceThickness": 0.8,
	"EchoTime": 0.00283,
	"RepetitionTime": 6,
	"MTState": false,
	"CoilString": "8Tx32Rx_Head_C",
	"PixelBandwidth": 241,
	"ImageOrientationPatientDICOM": [
		1,
		0,
		0,
		0,
		-0.000174614,
		-1	],
	"ConversionSoftware": "dcm2niix",
	"ConversionSoftwareVersion": "v1.0.20220505"
}
