{
	"Modality": "MR",
	"MagneticFieldStrength": 7,
	"ImagingFrequency": 297.214,
	"Manufacturer": "Siemens",
	"ManufacturersModelName": "MAGNETOM Terra.X",
	"InstitutionName": "Fondation Campus Biotech",
	"InstitutionalDepartmentName": "MRI Terra X",
	"InstitutionAddress": " ,Geneve,,CH,",
	"DeviceSerialNumber": "237203",
	"StationName": "AWP237203",
	"BodyPartExamined": "BRAIN",
	"PatientPosition": "HFS",
	"ProcedureStepDescription": "RESEARCH D.VanDeVille",
	"SoftwareVersions": "syngo MR XA60",
	"MRAcquisitionType": "3D",
	"SeriesDescription": "t1_mp2rage_sag_pTx_INV1",
	"ProtocolName": "t1_mp2rage_sag_pTx",
	"ScanningSequence": "GR\\IR",
	"SequenceVariant": "SK\\SP\\MP\\OSP",
	"ImageType": ["ORIGINAL", "PRIMARY", "T1", "NONE"],
	"SeriesNumber": 7,
	"AcquisitionTime": "11:49:28.840000",
	"AcquisitionNumber": 1,
	"ImageComments": "Not for diagnostic use, Inv1 Image",
	"SliceThickness": 0.8,
	"EchoTime": 0.00283,
	"RepetitionTime": 6,
	"MTState": false,
	"InversionTime": 0.87,
	"FlipAngle": 4,
	"PartialFourier": 1,
	"BaseResolution": 288,
	"ShimSetting": [
		-396,
		-1522,
		595,
		56,
		17,
		58,
		-409,
		122	],
	"TxRefAmp": 228.842,
	"PhaseResolution": 1,
	"ReceiveCoilName": "8Tx32Rx_Head_C",
	"ReceiveCoilActiveElements": "AC",
	"CoilString": "8Tx32Rx_Head_C",
	"PulseSequenceDetails": "%SiemensSeq%\\tfl",
	"RefLinesPE": 32,
	"CoilCombinationMethod": "Adaptive Combine",
	"PercentPhaseFOV": 94.4444,
	"PercentSampling": 100,
	"AcquisitionMatrixPE": 272,
	"ReconMatrixPE": 272,
	"PixelBandwidth": 241,
	"ImageOrientationPatientDICOM": [
		0,
		1,
		-0.000174522,
		0,
		-0.000174522,
		-1	],
	"InPlanePhaseEncodingDirectionDICOM": "ROW",
	"ConversionSoftware": "dcm2niix",
	"ConversionSoftwareVersion": "v1.0.20220505"
}
